GEM
  remote: http://rubygems.org/
  specs:
    addressable (2.2.6)
    archive-tar-minitar (0.5.2)
    awesome_print (1.0.2)
    backports (2.3.0)
    backtrace_shortener (0.1.0)
    blankslate (2.1.2.4)
    bourbon (2.1.1)
      sass (>= 3.1)
    childprocess (0.3.1)
      ffi (~> 1.0.6)
    clockwork (0.2.4)
    coderay (0.9.8)
    coffee-script (2.2.0)
      coffee-script-source
      execjs
    coffee-script-source (1.1.2)
    colorize (0.5.8)
    daemons (1.1.4)
    dedent (0.0.2)
    diff-lcs (1.1.3)
    erubis (2.7.0)
    eventmachine (0.12.10)
    execjs (1.2.4)
      multi_json (~> 1.0)
    fezzik (0.6.2)
      colorize (>= 0.5.8)
      rake (~> 0.8.7)
      rake-remote_task (~> 2.0.2)
    ffi (1.0.9)
    foreman (0.41.0)
      thor (>= 0.13.6)
    grit (2.5.0)
      diff-lcs (~> 1.1)
      mime-types (~> 1.15)
      posix-spawn (~> 0.3.6)
    i18n (0.6.0)
    json (1.5.3)
    kgio (2.7.4)
    libv8 (3.3.10.4)
    log4r (1.1.10)
    mail (2.3.0)
      i18n (>= 0.4.0)
      mime-types (~> 1.16)
      treetop (~> 1.4.8)
    method_source (0.6.0)
      ruby_parser (>= 2.0.5)
    methodchain (0.4.2)
    mime-types (1.17.2)
    minitest (2.4.0)
    multi_json (1.1.0)
    mustache (0.99.4)
    mysql2 (0.3.11)
    net-scp (1.0.4)
      net-ssh (>= 1.99.1)
    net-ssh (2.2.2)
    nokogiri (1.5.0)
    open4 (1.3.0)
    pathological (0.2.4)
    pinion (0.3.0)
      rack (~> 1.0)
    polyglot (0.3.2)
    pony (1.3)
      mail (> 2.0)
    posix-spawn (0.3.6)
    pry (0.9.3)
      coderay (>= 0.9.8)
      method_source (>= 0.6.0)
      ruby_parser (>= 2.0.5)
      slop (~> 1.9.0)
    pygments.rb (0.2.1)
      rubypython (>= 0.5.1)
    rack (1.4.1)
    rack-protection (1.2.0)
      rack
    rack-test (0.6.1)
      rack (>= 1.0)
    raindrops (0.8.0)
    rake (0.8.7)
    rake-remote_task (2.0.6)
      open4 (~> 1.0)
      rake (~> 0.8)
    redcarpet (2.0.0b3)
    redis (2.2.2)
    redis-namespace (1.0.3)
      redis (< 3.0.0)
    resque (1.20.0)
      multi_json (~> 1.0)
      redis-namespace (~> 1.0.2)
      sinatra (>= 0.9.2)
      vegas (~> 0.1.2)
    resque-scheduler (2.0.0)
      redis (>= 2.0.1)
      resque (>= 1.20.0)
      rufus-scheduler
    rr (1.0.3)
    ruby-openid (2.1.8)
    ruby_parser (2.0.6)
      sexp_processor (~> 3.0)
    rubypython (0.5.1)
      blankslate (>= 2.1.2.3)
      ffi (~> 1.0.7)
    rufus-scheduler (2.0.17)
      tzinfo (>= 0.3.23)
    sass (3.1.20)
    scope (0.2.3)
      minitest
    sequel (3.36.1)
    sexp_processor (3.0.5)
    sinatra (1.3.2)
      rack (~> 1.3, >= 1.3.6)
      rack-protection (~> 1.2)
      tilt (~> 1.3, >= 1.3.3)
    sinatra-contrib (1.3.1)
      backports (>= 2.0)
      eventmachine
      rack-protection
      rack-test
      sinatra (~> 1.3.0)
      tilt (~> 1.3)
    slop (1.9.1)
    statusz (0.0.3)
    terraform (0.0.5)
    therubyracer (0.10.1)
      libv8 (~> 3.3.10)
    thin (1.2.11)
      daemons (>= 1.0.9)
      eventmachine (>= 0.12.6)
      rack (>= 1.0.0)
    thor (0.14.6)
    tilt (1.3.3)
    treetop (1.4.10)
      polyglot
      polyglot (>= 0.3.1)
    tzinfo (0.3.33)
    uglifier (1.2.4)
      execjs (>= 0.3.0)
      multi_json (>= 1.0.2)
    unicorn (4.2.1)
      kgio (~> 2.6)
      rack
      raindrops (~> 0.7)
    vagrant (1.0.1)
      archive-tar-minitar (= 0.5.2)
      childprocess (~> 0.3.1)
      erubis (~> 2.7.0)
      i18n (~> 0.6.0)
      json (~> 1.5.1)
      log4r (~> 1.1.9)
      net-scp (~> 1.0.4)
      net-ssh (~> 2.2.2)
    vegas (0.1.11)
      rack (>= 1.0.0)

PLATFORMS
  ruby

DEPENDENCIES
  addressable
  awesome_print
  backtrace_shortener
  bourbon
  clockwork
  coffee-script
  dedent
  diff-lcs
  fezzik
  foreman
  grit
  json
  methodchain
  mustache
  mysql2
  nokogiri
  pathological
  pinion
  pony
  pry
  pygments.rb
  rack
  rack-test
  rake
  redcarpet (= 2.0.0b3)
  redis
  resque
  resque-scheduler
  rr (>= 1.0.3)
  ruby-openid
  sass (~> 3.1.16)
  scope (>= 0.2.3)
  sequel
  sinatra (~> 1.3.2)
  sinatra-contrib
  statusz
  terraform
  therubyracer
  thin
  tilt
  uglifier
  unicorn
  vagrant
